GEM
  remote: https://rubygems.org/
  specs:
    celluloid (0.14.0.pre)
      timers (>= 1.0.0)
    celluloid-io (0.14.0.pre)
      celluloid (>= 0.13.0)
      nio4r (>= 0.4.0)
    nio4r (0.4.3-java)
    timers (1.1.0)

PLATFORMS
  java

DEPENDENCIES
  celluloid (= 0.14.0.pre)
  celluloid-io (= 0.14.0.pre)
